PATH
  remote: .
  specs:
    git-review (1.1.5)
      launchy
      octokit
      rspec
      yajl-ruby

GEM
  remote: http://rubygems.org/
  specs:
    addressable (2.3.2)
    diff-lcs (1.1.3)
    faraday (0.8.4)
      multipart-post (~> 1.1)
    faraday_middleware (0.8.8)
      faraday (>= 0.7.4, < 0.9)
    hashie (1.2.0)
    launchy (2.1.2)
      addressable (~> 2.3)
    multi_json (1.3.6)
    multipart-post (1.1.5)
    octokit (1.15.1)
      addressable (~> 2.2)
      faraday (~> 0.8)
      faraday_middleware (~> 0.8)
      hashie (~> 1.2)
      multi_json (~> 1.3)
    rspec (2.11.0)
      rspec-core (~> 2.11.0)
      rspec-expectations (~> 2.11.0)
      rspec-mocks (~> 2.11.0)
    rspec-core (2.11.1)
    rspec-expectations (2.11.3)
      diff-lcs (~> 1.1.3)
    rspec-mocks (2.11.3)
    yajl-ruby (1.1.0)

PLATFORMS
  ruby

DEPENDENCIES
  git-review!
